PATH
  remote: .
  specs:
    assumer (0.2.2)
      aws-sdk-core (~> 2.1, >= 2.1.1)
      pry (~> 0)
      trollop (= 2.1.2)

GEM
  remote: https://rubygems.org/
  specs:
    aws-sdk-core (2.1.26)
      jmespath (~> 1.0)
    coderay (1.1.0)
    jmespath (1.1.3)
    method_source (0.8.2)
    pry (0.10.2)
      coderay (~> 1.1.0)
      method_source (~> 0.8.1)
      slop (~> 3.4)
    rake (10.4.2)
    slop (3.6.0)
    trollop (2.1.2)

PLATFORMS
  ruby

DEPENDENCIES
  assumer!
  bundler (~> 1.10)
  rake (~> 10.0)

BUNDLED WITH
   1.10.6
